PATH
  remote: .
  specs:
    mok2html (0.1.2)
      mok-parser (>= 0.3.2)

GEM
  remote: https://rubygems.org/
  specs:
    mimemagic (0.2.1)
    mok-parser (0.3.2)
      mimemagic
    rake (10.1.0)

PLATFORMS
  ruby

DEPENDENCIES
  bundler (~> 1.3)
  mok2html!
  rake
