PATH
  remote: .
  specs:
    raf2html (0.0.6)
      raf-parser (>= 0.2.1)

GEM
  remote: https://rubygems.org/
  specs:
    raf-parser (0.2.1)
    rake (10.1.0)

PLATFORMS
  ruby

DEPENDENCIES
  bundler (~> 1.3)
  raf2html!
  rake
